ObjectType = Image
NDims = 3
BinaryData = True
BinaryDataByteOrderMSB = False
CompressedData = False
TransformMatrix = 1 0 0 0 1 0 0 0 1
Offset = -110.5 -78.306299999999993 -72.757499999999993
CenterOfRotation = 0 0 0
AnatomicalOrientation = RAI
ElementSpacing = 0.859375 0.859375 5
DimSize = 256 256 1
ElementType = MET_SHORT
ElementDataFile = sample.raw
